PATH
  remote: .
  specs:
    request_headers_middleware (0.0.4)
      request_store

GEM
  remote: https://rubygems.org/
  specs:
    activesupport (5.1.5)
      concurrent-ruby (~> 1.0, >= 1.0.2)
      i18n (~> 0.7)
      minitest (~> 5.1)
      tzinfo (~> 1.1)
    ast (2.3.0)
    byebug (9.0.6)
    concurrent-ruby (1.0.5)
    delayed_job (4.1.4)
      activesupport (>= 3.0, < 5.2)
    diff-lcs (1.2.5)
    docile (1.1.5)
    i18n (0.9.5)
      concurrent-ruby (~> 1.0)
    json (1.8.3)
    minitest (5.11.3)
    parser (2.3.3.1)
      ast (~> 2.2)
    powerpack (0.1.1)
    rack (1.6.5)
    rainbow (2.2.1)
    rake (12.0.0)
    request_store (1.4.0)
      rack (>= 1.4)
    rspec (3.5.0)
      rspec-core (~> 3.5.0)
      rspec-expectations (~> 3.5.0)
      rspec-mocks (~> 3.5.0)
    rspec-core (3.5.4)
      rspec-support (~> 3.5.0)
    rspec-expectations (3.5.0)
      diff-lcs (>= 1.2.0, < 2.0)
      rspec-support (~> 3.5.0)
    rspec-mocks (3.5.0)
      diff-lcs (>= 1.2.0, < 2.0)
      rspec-support (~> 3.5.0)
    rspec-support (3.5.0)
    rubocop (0.47.1)
      parser (>= 2.3.3.1, < 3.0)
      powerpack (~> 0.1)
      rainbow (>= 1.99.1, < 3.0)
      ruby-progressbar (~> 1.7)
      unicode-display_width (~> 1.0, >= 1.0.1)
    ruby-progressbar (1.8.1)
    simplecov (0.12.0)
      docile (~> 1.1.0)
      json (>= 1.8, < 3)
      simplecov-html (~> 0.10.0)
    simplecov-html (0.10.0)
    thread_safe (0.3.6)
    tzinfo (1.2.5)
      thread_safe (~> 0.1)
    unicode-display_width (1.1.3)

PLATFORMS
  ruby

DEPENDENCIES
  activesupport
  byebug
  delayed_job
  rack
  rake
  request_headers_middleware!
  rspec
  rubocop
  simplecov

BUNDLED WITH
   1.14.6
